GIT
  remote: git://github.com/rails/arel.git
  revision: 5ab264dab845614410c52f0f8c06af00833d487b
  specs:
    arel (4.0.0.20130418133826)

GIT
  remote: git://github.com/rails/coffee-rails.git
  revision: c812f4da1f5adc226ef834b57c2498467761cb2c
  specs:
    coffee-rails (4.0.0)
      coffee-script (>= 2.2.0)
      railties (>= 4.0.0, < 5.0)

GIT
  remote: git://github.com/rails/rails.git
  revision: 37aaaa7e70e7e4b1ebd3567ec6d026384350bd1e
  specs:
    actionmailer (4.1.0.beta)
      actionpack (= 4.1.0.beta)
      mail (~> 2.5.4)
    actionpack (4.1.0.beta)
      actionview (= 4.1.0.beta)
      activesupport (= 4.1.0.beta)
      rack (~> 1.5.2)
      rack-test (~> 0.6.2)
    actionview (4.1.0.beta)
      activemodel (= 4.1.0.beta)
      activesupport (= 4.1.0.beta)
      builder (~> 3.1.0)
      erubis (~> 2.7.0)
    activemodel (4.1.0.beta)
      activesupport (= 4.1.0.beta)
      builder (~> 3.1.0)
    activerecord (4.1.0.beta)
      activemodel (= 4.1.0.beta)
      activesupport (= 4.1.0.beta)
      arel (~> 4.0.0)
    activesupport (4.1.0.beta)
      i18n (~> 0.6, >= 0.6.4)
      json (~> 1.7)
      minitest (~> 5.0)
      thread_safe (~> 0.1)
      tzinfo (~> 0.3.37)
    rails (4.1.0.beta)
      actionmailer (= 4.1.0.beta)
      actionpack (= 4.1.0.beta)
      actionview (= 4.1.0.beta)
      activerecord (= 4.1.0.beta)
      activesupport (= 4.1.0.beta)
      bundler (>= 1.3.0, < 2.0)
      railties (= 4.1.0.beta)
      sprockets-rails (~> 2.0.0)
    railties (4.1.0.beta)
      actionpack (= 4.1.0.beta)
      activesupport (= 4.1.0.beta)
      rake (>= 0.8.7)
      thor (>= 0.18.1, < 2.0)

GIT
  remote: git://github.com/rails/sass-rails.git
  revision: 31f756f208ee71af935454ab4dfb34786d15e891
  specs:
    sass-rails (4.0.0)
      railties (>= 4.0.0, < 5.0)
      sass (>= 3.1.10)
      sprockets-rails (~> 2.0.0)

GIT
  remote: git://github.com/rails/sprockets-rails.git
  revision: b522561d2d83b83c99e9aa54c8079fd1241fdf49
  specs:
    sprockets-rails (2.0.0)
      actionpack (>= 3.0)
      activesupport (>= 3.0)
      sprockets (~> 2.8)

GEM
  remote: https://rubygems.org/
  specs:
    atomic (1.1.10)
    bcrypt-ruby (3.1.1)
    bootstrap-sass (2.3.2.0)
      sass (~> 3.2)
    builder (3.1.4)
    coffee-script (2.2.0)
      coffee-script-source
      execjs
    coffee-script-source (1.6.3)
    devise (3.0.0)
      bcrypt-ruby (~> 3.0)
      orm_adapter (~> 0.1)
      railties (>= 3.2.6, < 5)
      warden (~> 1.2.3)
    erubis (2.7.0)
    execjs (1.4.0)
      multi_json (~> 1.0)
    hike (1.2.3)
    i18n (0.6.4)
    jbuilder (1.4.2)
      activesupport (>= 3.0.0)
      multi_json (>= 1.2.0)
    jquery-rails (3.0.1)
      railties (>= 3.0, < 5.0)
      thor (>= 0.14, < 2.0)
    json (1.8.0)
    libv8 (3.11.8.17)
    mail (2.5.4)
      mime-types (~> 1.16)
      treetop (~> 1.4.8)
    mime-types (1.23)
    minitest (5.0.6)
    multi_json (1.7.7)
    orm_adapter (0.4.0)
    polyglot (0.3.3)
    rack (1.5.2)
    rack-test (0.6.2)
      rack (>= 1.0)
    rake (10.1.0)
    rdoc (3.12.2)
      json (~> 1.4)
    ref (1.0.5)
    sass (3.2.9)
    sdoc (0.3.20)
      json (>= 1.1.3)
      rdoc (~> 3.10)
    sprockets (2.10.0)
      hike (~> 1.2)
      multi_json (~> 1.0)
      rack (~> 1.0)
      tilt (~> 1.1, != 1.3.0)
    sqlite3 (1.3.7)
    therubyracer (0.11.4)
      libv8 (~> 3.11.8.12)
      ref
    thor (0.18.1)
    thread_safe (0.1.0)
      atomic
    tilt (1.4.1)
    treetop (1.4.14)
      polyglot
      polyglot (>= 0.3.1)
    turbolinks (1.2.0)
      coffee-rails
    twitter-bootstrap-rails (2.2.7)
      actionpack (>= 3.1)
      execjs
      rails (>= 3.1)
      railties (>= 3.1)
    tzinfo (0.3.37)
    uglifier (2.1.1)
      execjs (>= 0.3.0)
      multi_json (~> 1.0, >= 1.0.2)
    warden (1.2.3)
      rack (>= 1.0)

PLATFORMS
  ruby

DEPENDENCIES
  arel!
  bootstrap-sass
  coffee-rails!
  devise
  execjs
  jbuilder (~> 1.2)
  jquery-rails
  rails!
  sass-rails!
  sdoc
  sprockets-rails!
  sqlite3
  therubyracer
  turbolinks
  twitter-bootstrap-rails (~> 2.2.7)
  uglifier (>= 1.3.0)
